GEM
  remote: https://rubygems.org/
  specs:
    activesupport (6.0.2.2)
      concurrent-ruby (~> 1.0, >= 1.0.2)
      i18n (>= 0.7, < 2)
      minitest (~> 5.1)
      tzinfo (~> 1.1)
      zeitwerk (~> 2.2)
    addressable (2.7.0)
      public_suffix (>= 2.0.2, < 5.0)
    allure-cucumber (2.13.5.rc.2)
      allure-ruby-commons (= 2.13.5.rc.2)
      cucumber (>= 4.0.0.rc5)
    allure-ruby-commons (2.13.5.rc.2)
      json (>= 1.8, < 3)
      mime-types (~> 3.3)
      require_all (>= 2, < 4)
      uuid (~> 2.3)
    builder (3.2.4)
    capybara (3.32.1)
      addressable
      mini_mime (>= 0.1.3)
      nokogiri (~> 1.8)
      rack (>= 1.6.0)
      rack-test (>= 0.6.3)
      regexp_parser (~> 1.5)
      xpath (~> 3.2)
    childprocess (3.0.0)
    concurrent-ruby (1.1.6)
    cucumber (4.0.0.rc.5)
      builder (~> 3.2, >= 3.2.3)
      cucumber-core (~> 6.0, >= 6.0.0)
      cucumber-expressions (~> 8.0, >= 8.0.2)
      cucumber-gherkin (~> 10.0, >= 10.0.0)
      cucumber-html-formatter (~> 4.3, >= 4.3.0)
      cucumber-wire (~> 2.0, >= 2.0.0)
      diff-lcs (~> 1.3, >= 1.3)
      multi_test (~> 0.1, >= 0.1.2)
    cucumber-core (6.0.0)
      cucumber-gherkin (~> 10.0, >= 10.0.0)
      cucumber-messages (~> 10.0, >= 10.0.1)
      cucumber-tag_expressions (~> 2.0, >= 2.0.2)
    cucumber-expressions (8.3.0)
    cucumber-gherkin (10.0.0)
      cucumber-messages (~> 10.0, >= 10.0.1)
    cucumber-html-formatter (4.3.0)
      cucumber-messages (~> 10.0, >= 10.0.3)
    cucumber-messages (10.0.3)
      protobuf-cucumber (~> 3.10, >= 3.10.8)
    cucumber-tag_expressions (2.0.2)
    cucumber-wire (2.0.1)
      cucumber-core (~> 6.0, >= 6.0.0)
      cucumber-expressions (~> 8.0, >= 8.0.2)
    diff-lcs (1.3)
    i18n (1.8.2)
      concurrent-ruby (~> 1.0)
    json (2.3.0)
    macaddr (1.7.2)
      systemu (~> 2.6.5)
    middleware (0.1.0)
    mime-types (3.3.1)
      mime-types-data (~> 3.2015)
    mime-types-data (3.2020.0425)
    mini_mime (1.0.2)
    mini_portile2 (2.4.0)
    minitest (5.14.0)
    multi_test (0.1.2)
    nokogiri (1.10.9)
      mini_portile2 (~> 2.4.0)
    protobuf-cucumber (3.10.8)
      activesupport (>= 3.2)
      middleware
      thor
      thread_safe
    public_suffix (4.0.4)
    rack (2.2.2)
    rack-test (1.1.0)
      rack (>= 1.0, < 3)
    regexp_parser (1.7.0)
    require_all (3.0.0)
    rspec (3.9.0)
      rspec-core (~> 3.9.0)
      rspec-expectations (~> 3.9.0)
      rspec-mocks (~> 3.9.0)
    rspec-core (3.9.1)
      rspec-support (~> 3.9.1)
    rspec-expectations (3.9.1)
      diff-lcs (>= 1.2.0, < 2.0)
      rspec-support (~> 3.9.0)
    rspec-mocks (3.9.1)
      diff-lcs (>= 1.2.0, < 2.0)
      rspec-support (~> 3.9.0)
    rspec-support (3.9.2)
    rubyzip (2.3.0)
    selenium-webdriver (3.142.7)
      childprocess (>= 0.5, < 4.0)
      rubyzip (>= 1.2.2)
    systemu (2.6.5)
    thor (1.0.1)
    thread_safe (0.3.6)
    tzinfo (1.2.7)
      thread_safe (~> 0.1)
    uuid (2.3.9)
      macaddr (~> 1.0)
    webdrivers (4.3.0)
      nokogiri (~> 1.6)
      rubyzip (>= 1.3.0)
      selenium-webdriver (>= 3.0, < 4.0)
    xpath (3.2.0)
      nokogiri (~> 1.8)
    zeitwerk (2.3.0)

PLATFORMS
  ruby

DEPENDENCIES
  allure-cucumber (~> 2.13.5.rc.2)
  capybara (~> 3.32)
  rspec (~> 3.8)
  selenium-webdriver (~> 3.142)
  webdrivers (~> 4.3)

BUNDLED WITH
   2.1.2
