GEM
  remote: http://rubygems.org/
  specs:
    allure-cucumber (0.4.1)
      allure-ruby-adaptor-api
      cucumber
    allure-ruby-adaptor-api (0.6.3)
      mimemagic
      nokogiri (~> 1.6.0)
      uuid
    builder (3.0.0)
    capybara (2.4.1)
      mime-types (>= 1.16)
      nokogiri (>= 1.3.3)
      rack (>= 1.0.0)
      rack-test (>= 0.5.4)
      xpath (~> 2.0)
    childprocess (0.5.3)
      ffi (~> 1.0, >= 1.0.11)
    cucumber (1.1.4)
      builder (>= 2.1.2)
      diff-lcs (>= 1.1.2)
      gherkin (~> 2.7.1)
      json (>= 1.4.6)
      term-ansicolor (>= 1.0.6)
    diff-lcs (1.1.3)
    ffi (1.11.1)
    gherkin (2.7.2)
      json (>= 1.4.6)
    json (1.6.4)
    macaddr (1.7.1)
      systemu (~> 2.6.2)
    mime-types (2.3)
    mimemagic (0.2.1)
    mini_portile (0.6.0)
    multi_json (1.10.1)
    nokogiri (1.6.3.1)
      mini_portile (= 0.6.0)
    rack (1.5.2)
    rack-test (0.6.2)
      rack (>= 1.0)
    rspec (2.14.1)
      rspec-core (~> 2.14.0)
      rspec-expectations (~> 2.14.0)
      rspec-mocks (~> 2.14.0)
    rspec-core (2.14.8)
    rspec-expectations (2.14.5)
      diff-lcs (>= 1.1.3, < 2.0)
    rspec-mocks (2.14.6)
    rubyzip (1.1.6)
    selenium-webdriver (2.43.0)
      childprocess (~> 0.5)
      multi_json (~> 1.0)
      rubyzip (~> 1.0)
      websocket (~> 1.0)
    systemu (2.6.4)
    term-ansicolor (1.0.7)
    uuid (2.3.7)
      macaddr (~> 1.0)
    websocket (1.2.1)
    xpath (2.0.0)
      nokogiri (~> 1.3)

PLATFORMS
  ruby

DEPENDENCIES
  allure-cucumber
  capybara (~> 2.4.1)
  rspec
  selenium-webdriver (~> 2.43.0)
