GEM
  remote: https://rubygems.org/
  specs:
    activesupport (6.0.3.2)
      concurrent-ruby (~> 1.0, >= 1.0.2)
      i18n (>= 0.7, < 2)
      minitest (~> 5.1)
      tzinfo (~> 1.1)
      zeitwerk (~> 2.2, >= 2.2.2)
    addressable (2.7.0)
      public_suffix (>= 2.0.2, < 5.0)
    allure-cucumber (2.13.6)
      allure-ruby-commons (= 2.13.6)
      cucumber (>= 4.0.0)
    allure-ruby-commons (2.13.6)
      json (>= 1.8, < 3)
      mime-types (~> 3.3)
      require_all (>= 2, < 4)
      uuid (~> 2.3)
    builder (3.2.4)
    capybara (3.33.0)
      addressable
      mini_mime (>= 0.1.3)
      nokogiri (~> 1.8)
      rack (>= 1.6.0)
      rack-test (>= 0.6.3)
      regexp_parser (~> 1.5)
      xpath (~> 3.2)
    childprocess (3.0.0)
    concurrent-ruby (1.1.6)
    cucumber (4.0.0)
      builder (~> 3.2, >= 3.2.3)
      cucumber-core (~> 7.0, >= 7.0.0)
      cucumber-cucumber-expressions (~> 10.1, >= 10.1.0)
      cucumber-gherkin (~> 13.0, >= 13.0.0)
      cucumber-html-formatter (~> 6.0, >= 6.0.1)
      cucumber-messages (~> 12.1, >= 12.1.1)
      cucumber-wire (~> 3.0, >= 3.0.0)
      diff-lcs (~> 1.3, >= 1.3)
      multi_test (~> 0.1, >= 0.1.2)
      sys-uname (~> 1.0, >= 1.0.2)
    cucumber-core (7.0.0)
      cucumber-gherkin (~> 13.0, >= 13.0.0)
      cucumber-messages (~> 12.1, >= 12.1.1)
      cucumber-tag-expressions (~> 2.0, >= 2.0.4)
    cucumber-cucumber-expressions (10.2.0)
    cucumber-gherkin (13.0.0)
      cucumber-messages (~> 12.0, >= 12.0.0)
    cucumber-html-formatter (6.0.3)
      cucumber-messages (~> 12.1, >= 12.1.1)
    cucumber-messages (12.1.1)
      protobuf-cucumber (~> 3.10, >= 3.10.8)
    cucumber-tag-expressions (2.0.4)
    cucumber-wire (3.0.0)
      cucumber-core (~> 7.0, >= 7.0.0)
      cucumber-cucumber-expressions (~> 10.1, >= 10.1.0)
      cucumber-messages (~> 12.1, >= 12.1.1)
    diff-lcs (1.4)
    ffi (1.13.1)
    i18n (1.8.3)
      concurrent-ruby (~> 1.0)
    json (2.3.0)
    macaddr (1.7.2)
      systemu (~> 2.6.5)
    middleware (0.1.0)
    mime-types (3.3.1)
      mime-types-data (~> 3.2015)
    mime-types-data (3.2020.0512)
    mini_mime (1.0.2)
    mini_portile2 (2.4.0)
    minitest (5.14.1)
    multi_test (0.1.2)
    nokogiri (1.10.9)
      mini_portile2 (~> 2.4.0)
    protobuf-cucumber (3.10.8)
      activesupport (>= 3.2)
      middleware
      thor
      thread_safe
    public_suffix (4.0.5)
    rack (2.2.3)
    rack-test (1.1.0)
      rack (>= 1.0, < 3)
    regexp_parser (1.7.1)
    require_all (3.0.0)
    rspec (3.9.0)
      rspec-core (~> 3.9.0)
      rspec-expectations (~> 3.9.0)
      rspec-mocks (~> 3.9.0)
    rspec-core (3.9.2)
      rspec-support (~> 3.9.3)
    rspec-expectations (3.9.2)
      diff-lcs (>= 1.2.0, < 2.0)
      rspec-support (~> 3.9.0)
    rspec-mocks (3.9.1)
      diff-lcs (>= 1.2.0, < 2.0)
      rspec-support (~> 3.9.0)
    rspec-support (3.9.3)
    rubyzip (2.3.0)
    selenium-webdriver (3.142.7)
      childprocess (>= 0.5, < 4.0)
      rubyzip (>= 1.2.2)
    sys-uname (1.2.1)
      ffi (>= 1.0.0)
    systemu (2.6.5)
    thor (1.0.1)
    thread_safe (0.3.6)
    tzinfo (1.2.7)
      thread_safe (~> 0.1)
    uuid (2.3.9)
      macaddr (~> 1.0)
    webdrivers (4.4.1)
      nokogiri (~> 1.6)
      rubyzip (>= 1.3.0)
      selenium-webdriver (>= 3.0, < 4.0)
    xpath (3.2.0)
      nokogiri (~> 1.8)
    zeitwerk (2.3.0)

PLATFORMS
  ruby

DEPENDENCIES
  allure-cucumber (~> 2.13.6)
  capybara (~> 3.33)
  cucumber (~> 4.0)
  rspec (~> 3.8)
  selenium-webdriver (~> 3.142)
  webdrivers (~> 4.4)

BUNDLED WITH
   2.1.4
